PATH
  remote: .
  specs:
    capa (0.0.1)

GEM
  remote: https://rubygems.org/
  specs:
    gnuplot (2.6.2)
    minitest (5.5.1)
    rake (10.4.2)
    rake-compiler (0.9.5)
      rake

PLATFORMS
  ruby

DEPENDENCIES
  bundler
  capa!
  gnuplot
  minitest
  rake
  rake-compiler
